GEM
  remote: http://rubygems.org/
  specs:
    gmail-britta (0.1.6)
      haml (~> 3.1.6)
    haml (3.1.8)

PLATFORMS
  ruby

DEPENDENCIES
  gmail-britta
